GEM
  remote: https://rubygems.org/
  specs:
    coderay (1.1.3)
    method_source (1.0.0)
    minitest (5.11.3)
    pg (1.2.3)
    pry (0.13.1)
      coderay (~> 1.1)
      method_source (~> 1.0)
    sequel (5.34.0)

PLATFORMS
  ruby

DEPENDENCIES
  minitest
  pg
  pry
  sequel

BUNDLED WITH
   1.17.3
